ObjectType = Image
NDims = 3
BinaryData = True
BinaryDataByteOrderMSB = False
CompressedData = False
TransformMatrix = 1 0 0 0 1 0 0 0 1
Offset = -24.75 0 0
CenterOfRotation = 0 0 0
AnatomicalOrientation = RAI
ElementSpacing = 0.5 400 400
DimSize = 100 1 1
ElementType = MET_DOUBLE
ElementDataFile = doselat_edep_uncertainty.raw
